GEM
  remote: https://rubygems.org/
  specs:
    blankslate (2.1.2.4)
    edn (1.0.0)
      parslet (~> 1.4.0)
    parslet (1.4.0)
      blankslate (~> 2.0)
    rack (1.6.0)
    rack-protection (1.5.3)
      rack
    rake (10.4.2)
    sinatra (1.4.6)
      rack (~> 1.4)
      rack-protection (~> 1.4)
      tilt (>= 1.3, < 3)
    thor (0.19.1)
    tilt (2.0.1)
    torquebox (3.1.2)
      thor (>= 0.14.6)
      torquebox-cache (= 3.1.2)
      torquebox-configure (= 3.1.2)
      torquebox-core (= 3.1.2)
      torquebox-messaging (= 3.1.2)
      torquebox-naming (= 3.1.2)
      torquebox-rake-support (= 3.1.2)
      torquebox-security (= 3.1.2)
      torquebox-stomp (= 3.1.2)
      torquebox-transactions (= 3.1.2)
      torquebox-web (= 3.1.2)
    torquebox-cache (3.1.2-java)
      torquebox-core (= 3.1.2)
      torquebox-transactions (= 3.1.2)
    torquebox-configure (3.1.2-java)
      blankslate (= 2.1.2.4)
    torquebox-core (3.1.2-java)
      edn (= 1.0.0)
    torquebox-messaging (3.1.2-java)
      torquebox-core (= 3.1.2)
      torquebox-transactions (= 3.1.2)
    torquebox-naming (3.1.2-java)
      torquebox-core (= 3.1.2)
    torquebox-rake-support (3.1.2)
      rake (>= 0.8.7)
    torquebox-security (3.1.2-java)
      torquebox-core (= 3.1.2)
    torquebox-server (3.1.2-java)
      torquebox (= 3.1.2)
    torquebox-stomp (3.1.2)
      torquebox-core (= 3.1.2)
      torquebox-messaging (= 3.1.2)
    torquebox-transactions (3.1.2)
      torquebox-core (= 3.1.2)
    torquebox-web (3.1.2-java)

PLATFORMS
  java

DEPENDENCIES
  sinatra
  torquebox
  torquebox-server
